PATH
  remote: .
  specs:
    suby (0.4.6)
      mime-types (~> 1.19)
      nokogiri (~> 1.8.2)
      path (~> 1.3)
      rubyzip (~> 1.2.1)
      term-ansicolor (~> 1.2)

GEM
  remote: https://rubygems.org/
  specs:
    diff-lcs (1.2.5)
    mime-types (1.25.1)
    mini_portile2 (2.3.0)
    nokogiri (1.8.4)
      mini_portile2 (~> 2.3.0)
    path (1.3.3)
    rspec (2.14.1)
      rspec-core (~> 2.14.0)
      rspec-expectations (~> 2.14.0)
      rspec-mocks (~> 2.14.0)
    rspec-core (2.14.8)
    rspec-expectations (2.14.5)
      diff-lcs (>= 1.1.3, < 2.0)
    rspec-mocks (2.14.6)
    rubyzip (1.2.1)
    term-ansicolor (1.6.0)
      tins (~> 1.0)
    tins (1.16.3)
    xmlrpc (0.3.0)

PLATFORMS
  ruby

DEPENDENCIES
  rspec (~> 2)
  suby!
  xmlrpc

BUNDLED WITH
   1.16.3
